GEM
  remote: https://rubygems.org/
  specs:
    rack (1.6.12)

PLATFORMS
  ruby

DEPENDENCIES
  rack

RUBY VERSION
   ruby 2.7.0p0

BUNDLED WITH
   2.1.4
